GEM
  remote: http://rubygems.org/
  specs:
    diff-lcs (1.1.3)
    growl (1.0.3)
    growl_notify (0.0.1)
      rb-appscript
    guard (0.8.4)
      thor (~> 0.14.6)
    guard-rspec (0.4.5)
      guard (>= 0.4.0)
    rack (1.3.4)
    rack-protection (1.1.2)
      rack
    rack-test (0.6.1)
      rack (>= 1.0)
    rb-appscript (0.6.1)
    rspec (2.6.0)
      rspec-core (~> 2.6.0)
      rspec-expectations (~> 2.6.0)
      rspec-mocks (~> 2.6.0)
    rspec-core (2.6.4)
    rspec-expectations (2.6.0)
      diff-lcs (~> 1.1.2)
    rspec-mocks (2.6.0)
    sinatra (1.3.0)
      rack (~> 1.3)
      rack-protection (~> 1.1)
      tilt (~> 1.3)
    thor (0.14.6)
    tilt (1.3.3)

PLATFORMS
  ruby

DEPENDENCIES
  growl
  growl_notify
  guard-rspec
  rack-test
  rspec
  sinatra
